GEM
  remote: https://rubygems.org/
  specs:
    oauth (0.4.7)
    sequel (4.5.0)
    sqlite3 (1.3.8)

PLATFORMS
  ruby

DEPENDENCIES
  oauth
  sequel
  sqlite3
